PATH
  remote: .
  specs:
    deprecation_toolkit (1.5.1)
      activesupport (>= 3.2)

GEM
  remote: https://rubygems.org/
  specs:
    activesupport (4.0.13)
      i18n (~> 0.6, >= 0.6.9)
      minitest (~> 4.2)
      multi_json (~> 1.3)
      thread_safe (~> 0.1)
      tzinfo (~> 0.3.37)
    concurrent-ruby (1.1.10)
    i18n (0.9.5)
      concurrent-ruby (~> 1.0)
    minitest (4.7.5)
    multi_json (1.15.0)
    rake (12.3.2)
    thread_safe (0.3.6)
    tzinfo (0.3.60)

PLATFORMS
  ruby

DEPENDENCIES
  bundler (>= 1.17)
  deprecation_toolkit!
  minitest (~> 4)
  rake

BUNDLED WITH
   1.17.3
